PATH
  remote: .
  specs:
    omniauth-openam(1.0.0)
      nokogiri (>= 1.4.4)
      omniauth (~> 1.0)

GEM
  remote: http://rubygems.org/
  specs:
    addressable (2.3.5)
    crack (0.4.1)
      safe_yaml (~> 0.9.0)
    diff-lcs (1.1.3)
    hashie (2.0.5)
    mini_portile (0.5.1)
    nokogiri (1.6.0)
      mini_portile (~> 0.5.0)
    omniauth (1.1.4)
      hashie (>= 1.2, < 3)
      rack
    rack (1.5.2)
    rake (10.1.0)
    safe_yaml (0.9.5)

PLATFORMS
  ruby

DEPENDENCIES
  bundler (> 1.0.0)
  omniauth-openam!
  rack
  rake
